PATH
  remote: .
  specs:
    pronto-pylint (0.1.5)
      pronto (>= 0.9.0, < 1.0)

GEM
  remote: https://rubygems.org/
  specs:
    addressable (2.8.1)
      public_suffix (>= 2.0.2, < 6.0)
    ast (2.4.0)
    coderay (1.1.3)
    diff-lcs (1.5.0)
    faraday (0.17.5)
      multipart-post (>= 1.2, < 3)
    gitlab (4.5.0)
      httparty (>= 0.14.0)
      terminal-table (>= 1.5.1)
    httparty (0.19.1)
      mime-types (~> 3.0)
      multi_xml (>= 0.5.2)
    jaro_winkler (1.5.3)
    method_source (0.9.2)
    mime-types (3.2.2)
      mime-types-data (~> 3.2015)
    mime-types-data (3.2019.0331)
    multi_xml (0.6.0)
    multipart-post (2.1.1)
    octokit (4.22.0)
      faraday (>= 0.9)
      sawyer (~> 0.8.0, >= 0.5.3)
    parallel (1.17.0)
    parser (2.7.1.3)
      ast (~> 2.4.0)
    powerpack (0.1.3)
    pronto (0.9.5)
      gitlab (~> 4.0, >= 4.0.0)
      httparty (>= 0.13.7)
      octokit (~> 4.7, >= 4.7.0)
      rainbow (~> 2.1)
      rugged (~> 0.24, >= 0.23.0)
      thor (~> 0.19.0)
    pry (0.12.2)
      coderay (~> 1.1.0)
      method_source (~> 0.9.0)
    public_suffix (3.1.1)
    rainbow (2.2.2)
      rake
    rake (13.0.6)
    rspec (3.8.0)
      rspec-core (~> 3.8.0)
      rspec-expectations (~> 3.8.0)
      rspec-mocks (~> 3.8.0)
    rspec-core (3.8.2)
      rspec-support (~> 3.8.0)
    rspec-expectations (3.8.6)
      diff-lcs (>= 1.2.0, < 2.0)
      rspec-support (~> 3.8.0)
    rspec-mocks (3.8.2)
      diff-lcs (>= 1.2.0, < 2.0)
      rspec-support (~> 3.8.0)
    rspec-support (3.8.2)
    rubocop (0.59.2)
      jaro_winkler (~> 1.5.1)
      parallel (~> 1.10)
      parser (>= 2.5, != 2.5.1.1)
      powerpack (~> 0.1)
      rainbow (>= 2.2.2, < 4.0)
      ruby-progressbar (~> 1.7)
      unicode-display_width (~> 1.0, >= 1.0.1)
    ruby-progressbar (1.10.1)
    rugged (0.28.3.1)
    sawyer (0.8.2)
      addressable (>= 2.3.5)
      faraday (> 0.8, < 2.0)
    terminal-table (1.8.0)
      unicode-display_width (~> 1.1, >= 1.1.1)
    thor (0.19.4)
    unicode-display_width (1.6.0)

PLATFORMS
  ruby

DEPENDENCIES
  pronto-pylint!
  pry
  rake (~> 13.0)
  rspec (~> 3.0)
  rubocop

BUNDLED WITH
   2.0.1
